GEM
  remote: https://rubygems.org/
  specs:
    activemodel (6.0.2.2)
      activesupport (= 6.0.2.2)
    activerecord (6.0.2.2)
      activemodel (= 6.0.2.2)
      activesupport (= 6.0.2.2)
    activesupport (6.0.2.2)
      concurrent-ruby (~> 1.0, >= 1.0.2)
      i18n (>= 0.7, < 2)
      minitest (~> 5.1)
      tzinfo (~> 1.1)
      zeitwerk (~> 2.2)
    backports (3.17.1)
    bcrypt (3.1.13)
    benchmark (0.1.0)
    bigdecimal (2.0.0)
    cgi (0.1.0)
    concurrent-ruby (1.1.6)
    csv (3.1.2)
    daemons (1.3.1)
    date (3.0.0)
    dbm (1.1.0)
    delegate (0.1.0)
    did_you_mean (1.4.0)
    diff-lcs (1.3)
    dotenv (2.7.5)
    etc (1.1.0)
    eventmachine (1.2.7)
    fcntl (1.0.0)
    fiddle (1.0.0)
    fileutils (1.4.1)
    forwardable (1.3.1)
    gdbm (2.1.0)
    getoptlong (0.1.0)
    hirb (0.7.3)
    i18n (1.8.2)
      concurrent-ruby (~> 1.0)
    io-console (0.5.3)
    ipaddr (1.2.2)
    irb (1.2.1)
      reline (>= 0.0.1)
    json (2.3.0)
    logger (1.4.2)
    matrix (0.2.0)
    minitest (5.13.0)
    multi_json (1.14.1)
    mustermann (1.1.1)
      ruby2_keywords (~> 0.0.1)
    mutex_m (0.1.0)
    net-pop (0.1.0)
    net-smtp (0.1.0)
    observer (0.1.0)
    open3 (0.1.0)
    openssl (2.1.2)
      ipaddr
    ostruct (0.2.0)
    pg (1.2.3)
    prime (0.1.1)
    pstore (0.1.0)
    psych (3.1.0)
    racc (1.4.16)
    rack (2.2.2)
    rack-protection (2.0.8.1)
      rack
    rack-test (1.1.0)
      rack (>= 1.0, < 3)
    rdoc (6.2.1)
    readline (0.0.2)
      reline
    readline-ext (0.1.0)
    reline (0.1.2)
      io-console (~> 0.5)
    rexml (3.2.3)
    rspec (3.9.0)
      rspec-core (~> 3.9.0)
      rspec-expectations (~> 3.9.0)
      rspec-mocks (~> 3.9.0)
    rspec-core (3.9.1)
      rspec-support (~> 3.9.1)
    rspec-expectations (3.9.1)
      diff-lcs (>= 1.2.0, < 2.0)
      rspec-support (~> 3.9.0)
    rspec-mocks (3.9.1)
      diff-lcs (>= 1.2.0, < 2.0)
      rspec-support (~> 3.9.0)
    rspec-support (3.9.2)
    rss (0.2.8)
    ruby2_keywords (0.0.2)
    sdbm (1.0.0)
    sinatra (2.0.8.1)
      mustermann (~> 1.0)
      rack (~> 2.0)
      rack-protection (= 2.0.8.1)
      tilt (~> 2.0)
    singleton (0.1.0)
    stringio (0.1.0)
    strscan (1.0.3)
    thin (1.7.2)
      daemons (~> 1.0, >= 1.0.9)
      eventmachine (~> 1.0, >= 1.0.4)
      rack (>= 1, < 3)
    thread_safe (0.3.6)
    tilt (2.0.10)
    timeout (0.1.0)
    tracer (0.1.0)
    tzinfo (1.2.7)
      thread_safe (~> 0.1)
    uri (0.10.0)
    webrick (1.6.0)
    yaml (0.1.0)
    zeitwerk (2.3.0)
    zlib (1.1.0)

PLATFORMS
  ruby

DEPENDENCIES
  activemodel (= 6.0.2.2)
  activerecord (= 6.0.2.2)
  activesupport (= 6.0.2.2)
  backports (= 3.17.1)
  bcrypt (= 3.1.13)
  benchmark (= 0.1.0)
  bigdecimal (= 2.0.0)
  bundler (= 2.1.2)
  cgi (= 0.1.0)
  concurrent-ruby (= 1.1.6)
  csv (= 3.1.2)
  daemons (= 1.3.1)
  date (= 3.0.0)
  dbm (= 1.1.0)
  delegate (= 0.1.0)
  did_you_mean (= 1.4.0)
  diff-lcs (= 1.3)
  dotenv (= 2.7.5)
  etc (= 1.1.0)
  eventmachine (= 1.2.7)
  fcntl (= 1.0.0)
  fiddle (= 1.0.0)
  fileutils (= 1.4.1)
  forwardable (= 1.3.1)
  gdbm (= 2.1.0)
  getoptlong (= 0.1.0)
  hirb (= 0.7.3)
  i18n (= 1.8.2)
  io-console (= 0.5.3)
  ipaddr (= 1.2.2)
  irb (= 1.2.1)
  json (= 2.3.0)
  logger (= 1.4.2)
  matrix (= 0.2.0)
  multi_json (= 1.14.1)
  mustermann (= 1.1.1)
  mutex_m (= 0.1.0)
  net-pop (= 0.1.0)
  net-smtp (= 0.1.0)
  observer (= 0.1.0)
  open3 (= 0.1.0)
  openssl (= 2.1.2)
  ostruct (= 0.2.0)
  pg (= 1.2.3)
  prime (= 0.1.1)
  pstore (= 0.1.0)
  psych (= 3.1.0)
  racc (= 1.4.16)
  rack (= 2.2.2)
  rack-protection (= 2.0.8.1)
  rack-test (= 1.1.0)
  rdoc (= 6.2.1)
  readline (= 0.0.2)
  readline-ext (= 0.1.0)
  reline (= 0.1.2)
  rexml (= 3.2.3)
  rspec (= 3.9.0)
  rspec-core (= 3.9.1)
  rspec-expectations (= 3.9.1)
  rspec-mocks (= 3.9.1)
  rspec-support (= 3.9.2)
  rss (= 0.2.8)
  ruby2_keywords (= 0.0.2)
  sdbm (= 1.0.0)
  sinatra (= 2.0.8.1)
  singleton (= 0.1.0)
  stringio (= 0.1.0)
  strscan (= 1.0.3)
  thin (= 1.7.2)
  thread_safe (= 0.3.6)
  tilt (= 2.0.10)
  timeout (= 0.1.0)
  tracer (= 0.1.0)
  tzinfo (= 1.2.7)
  uri (= 0.10.0)
  webrick (= 1.6.0)
  yaml (= 0.1.0)
  zeitwerk (= 2.3.0)
  zlib (= 1.1.0)

BUNDLED WITH
   2.1.2
