GEM
  remote: https://rubygems.org/
  specs:
    activemodel (6.0.3)
      activesupport (= 6.0.3)
    activerecord (6.0.3)
      activemodel (= 6.0.3)
      activesupport (= 6.0.3)
    activesupport (6.0.3)
      concurrent-ruby (~> 1.0, >= 1.0.2)
      i18n (>= 0.7, < 2)
      minitest (~> 5.1)
      tzinfo (~> 1.1)
      zeitwerk (~> 2.2, >= 2.2.2)
    addressable (2.7.0)
      public_suffix (>= 2.0.2, < 5.0)
    backports (3.17.1)
    bcrypt (3.1.13)
    bcrypt-ruby (3.1.5)
      bcrypt (>= 3.1.3)
    benchmark (0.1.0)
    bigdecimal (2.0.0)
    cgi (0.1.0)
    concurrent-ruby (1.1.6)
    csv (3.1.4)
    daemons (1.3.1)
    data_mapper (1.2.0)
      dm-aggregates (~> 1.2.0)
      dm-constraints (~> 1.2.0)
      dm-core (~> 1.2.0)
      dm-migrations (~> 1.2.0)
      dm-serializer (~> 1.2.0)
      dm-timestamps (~> 1.2.0)
      dm-transactions (~> 1.2.0)
      dm-types (~> 1.2.0)
      dm-validations (~> 1.2.0)
    data_objects (0.10.17)
      addressable (~> 2.1)
    date (3.0.0)
    dbm (1.1.0)
    delegate (0.1.0)
    did_you_mean (1.4.0)
    diff-lcs (1.3)
    dm-aggregates (1.2.0)
      dm-core (~> 1.2.0)
    dm-constraints (1.2.0)
      dm-core (~> 1.2.0)
    dm-core (1.2.1)
      addressable (~> 2.3)
    dm-do-adapter (1.2.0)
      data_objects (~> 0.10.6)
      dm-core (~> 1.2.0)
    dm-migrations (1.2.0)
      dm-core (~> 1.2.0)
    dm-postgres-adapter (1.2.0)
      dm-do-adapter (~> 1.2.0)
      do_postgres (~> 0.10.6)
    dm-serializer (1.2.2)
      dm-core (~> 1.2.0)
      fastercsv (~> 1.5)
      json (~> 1.6)
      json_pure (~> 1.6)
      multi_json (~> 1.0)
    dm-sqlite-adapter (1.2.0)
      dm-do-adapter (~> 1.2.0)
      do_sqlite3 (~> 0.10.6)
    dm-timestamps (1.2.0)
      dm-core (~> 1.2.0)
    dm-transactions (1.2.0)
      dm-core (~> 1.2.0)
    dm-types (1.2.2)
      bcrypt-ruby (~> 3.0)
      dm-core (~> 1.2.0)
      fastercsv (~> 1.5)
      json (~> 1.6)
      multi_json (~> 1.0)
      stringex (~> 1.4)
      uuidtools (~> 2.1)
    dm-validations (1.2.0)
      dm-core (~> 1.2.0)
    do_postgres (0.10.17)
      data_objects (= 0.10.17)
    do_sqlite3 (0.10.17)
      data_objects (= 0.10.17)
    dotenv (2.7.5)
    etc (1.1.0)
    eventmachine (1.2.7)
    fastercsv (1.5.5)
    fcntl (1.0.0)
    ffi (1.12.2)
    fiddle (1.0.0)
    fileutils (1.4.1)
    forwardable (1.3.1)
    gdbm (2.1.0)
    getoptlong (0.1.0)
    haml (5.1.2)
      temple (>= 0.8.0)
      tilt
    hirb (0.7.3)
    i18n (1.8.2)
      concurrent-ruby (~> 1.0)
    io-console (0.5.6)
    ipaddr (1.2.2)
    irb (1.2.4)
      reline (>= 0.0.1)
    json (1.8.6)
    json_pure (1.6.0)
    listen (3.2.1)
      rb-fsevent (~> 0.10, >= 0.10.3)
      rb-inotify (~> 0.9, >= 0.9.10)
    logger (1.4.2)
    matrix (0.3.0)
    minitest (5.14.1)
    multi_json (1.14.1)
    mustermann (1.1.1)
      ruby2_keywords (~> 0.0.1)
    mutex_m (0.1.0)
    net-pop (0.1.0)
    net-smtp (0.1.0)
    observer (0.1.0)
    open3 (0.1.0)
    openssl (2.2.0)
    ostruct (0.2.0)
    pg (1.2.3)
    power_assert (1.2.0)
    prime (0.1.1)
    pstore (0.1.0)
    psych (3.1.0)
    public_suffix (4.0.5)
    racc (1.5.0)
    rack (2.2.2)
    rack-protection (2.0.8.1)
      rack
    rack-test (1.1.0)
      rack (>= 1.0, < 3)
    rake (13.0.1)
    rb-fsevent (0.10.4)
    rb-inotify (0.10.1)
      ffi (~> 1.0)
    rdoc (6.2.1)
    readline (0.0.2)
      reline
    readline-ext (0.1.0)
    reline (0.1.4)
      io-console (~> 0.5)
    rerun (0.13.0)
      listen (~> 3.0)
    rexml (3.2.4)
    rspec (3.9.0)
      rspec-core (~> 3.9.0)
      rspec-expectations (~> 3.9.0)
      rspec-mocks (~> 3.9.0)
    rspec-core (3.9.2)
      rspec-support (~> 3.9.3)
    rspec-expectations (3.9.2)
      diff-lcs (>= 1.2.0, < 2.0)
      rspec-support (~> 3.9.0)
    rspec-mocks (3.9.1)
      diff-lcs (>= 1.2.0, < 2.0)
      rspec-support (~> 3.9.0)
    rspec-support (3.9.3)
    rss (0.2.9)
      rexml
    ruby2_keywords (0.0.2)
    sdbm (1.0.0)
    sinatra (2.0.8.1)
      mustermann (~> 1.0)
      rack (~> 2.0)
      rack-protection (= 2.0.8.1)
      tilt (~> 2.0)
    singleton (0.1.0)
    sqlite3 (1.4.2)
    stringex (1.4.0)
    stringio (0.1.0)
    strscan (1.0.3)
    temple (0.8.2)
    test-unit (3.3.5)
      power_assert
    thin (1.7.2)
      daemons (~> 1.0, >= 1.0.9)
      eventmachine (~> 1.0, >= 1.0.4)
      rack (>= 1, < 3)
    thread_safe (0.3.6)
    tilt (2.0.10)
    timeout (0.1.0)
    tracer (0.1.0)
    tzinfo (1.1.0)
      thread_safe (~> 0.1)
    uri (0.10.0)
    uuidtools (2.1.5)
    webrick (1.6.0)
    yaml (0.1.0)
    zeitwerk (2.3.0)
    zlib (1.1.0)

PLATFORMS
  ruby

DEPENDENCIES
  activemodel (= 6.0.3)
  activerecord (= 6.0.3)
  activesupport (= 6.0.3)
  addressable (= 2.7.0)
  backports (= 3.17.1)
  bcrypt (= 3.1.13)
  bcrypt-ruby (= 3.1.5)
  benchmark (= 0.1.0)
  bigdecimal (= 2.0.0)
  bundler (= 2.1.2)
  cgi (= 0.1.0)
  concurrent-ruby (= 1.1.6)
  csv (= 3.1.4)
  daemons (= 1.3.1)
  data_mapper (= 1.2.0)
  data_objects (= 0.10.17)
  date (= 3.0.0)
  dbm (= 1.1.0)
  delegate (= 0.1.0)
  did_you_mean (= 1.4.0)
  diff-lcs (= 1.3)
  dm-aggregates (= 1.2.0)
  dm-constraints (= 1.2.0)
  dm-core (= 1.2.1)
  dm-do-adapter (= 1.2.0)
  dm-migrations (= 1.2.0)
  dm-postgres-adapter (= 1.2.0)
  dm-serializer (= 1.2.2)
  dm-sqlite-adapter (= 1.2.0)
  dm-timestamps (= 1.2.0)
  dm-transactions (= 1.2.0)
  dm-types (= 1.2.2)
  dm-validations (= 1.2.0)
  do_postgres (= 0.10.17)
  do_sqlite3 (= 0.10.17)
  dotenv (= 2.7.5)
  etc (= 1.1.0)
  eventmachine (= 1.2.7)
  fastercsv (= 1.5.5)
  fcntl (= 1.0.0)
  ffi (= 1.12.2)
  fiddle (= 1.0.0)
  fileutils (= 1.4.1)
  forwardable (= 1.3.1)
  gdbm (= 2.1.0)
  getoptlong (= 0.1.0)
  haml (= 5.1.2)
  hirb (= 0.7.3)
  i18n (= 1.8.2)
  io-console (= 0.5.6)
  ipaddr (= 1.2.2)
  irb (= 1.2.4)
  json
  json_pure (= 1.6)
  listen (= 3.2.1)
  logger (= 1.4.2)
  matrix (= 0.3.0)
  minitest (= 5.14.1)
  multi_json (= 1.14.1)
  mustermann (= 1.1.1)
  mutex_m (= 0.1.0)
  net-pop (= 0.1.0)
  net-smtp (= 0.1.0)
  observer (= 0.1.0)
  open3 (= 0.1.0)
  openssl (= 2.2.0)
  ostruct (= 0.2.0)
  pg (= 1.2.3)
  power_assert (= 1.2.0)
  prime (= 0.1.1)
  pstore (= 0.1.0)
  psych (= 3.1.0)
  public_suffix (= 4.0.5)
  racc (= 1.5.0)
  rack (= 2.2.2)
  rack-protection (= 2.0.8.1)
  rack-test (= 1.1.0)
  rake (= 13.0.1)
  rb-fsevent (= 0.10.4)
  rb-inotify (= 0.10.1)
  rdoc (= 6.2.1)
  readline (= 0.0.2)
  readline-ext (= 0.1.0)
  reline (= 0.1.4)
  rerun (= 0.13.0)
  rexml (= 3.2.4)
  rspec (= 3.9.0)
  rspec-core (= 3.9.2)
  rspec-expectations (= 3.9.2)
  rspec-mocks (= 3.9.1)
  rspec-support (= 3.9.3)
  rss (= 0.2.9)
  ruby2_keywords (= 0.0.2)
  sdbm (= 1.0.0)
  sinatra (= 2.0.8.1)
  singleton (= 0.1.0)
  sqlite3 (= 1.4.2)
  stringex (= 1.4)
  stringio (= 0.1.0)
  strscan (= 1.0.3)
  temple (= 0.8.2)
  test-unit (= 3.3.5)
  thin (= 1.7.2)
  thread_safe (= 0.3.6)
  tilt (= 2.0.10)
  timeout (= 0.1.0)
  tracer (= 0.1.0)
  tzinfo (= 1.1)
  uri (= 0.10.0)
  uuidtools (= 2.1.5)
  webrick (= 1.6.0)
  yaml (= 0.1.0)
  zeitwerk (= 2.3.0)
  zlib (= 1.1.0)

BUNDLED WITH
   2.1.2
